PATH
  remote: .
  specs:
    testf (0.0.1)
      activesupport
      colorize

GEM
  remote: https://rubygems.org/
  specs:
    activesupport (3.2.14)
      i18n (~> 0.6, >= 0.6.4)
      multi_json (~> 1.0)
    colorize (0.6.0)
    i18n (0.6.5)
    multi_json (1.8.2)
    rake (10.1.0)

PLATFORMS
  ruby

DEPENDENCIES
  bundler (~> 1.3)
  rake
  testf!
